GEM
  remote: https://rails-assets.org/
  specs:
    rails-assets-angular (1.8.3)
    rails-assets-angular-devise (1.3.0)
      rails-assets-angular (>= 1.2.0, < 2)
    rails-assets-moment (2.29.4)
    rails-assets-ng-cart (1.0.0)
      rails-assets-angular (>= 1.2)
    rails-assets-ngGeolocation (0.0.8)
      rails-assets-angular (>= 1.0.8)

GEM
  remote: https://rubygems.org/
  specs:
    actioncable (5.2.8.1)
      actionpack (= 5.2.8.1)
      nio4r (~> 2.0)
      websocket-driver (>= 0.6.1)
    actionmailer (5.2.8.1)
      actionpack (= 5.2.8.1)
      actionview (= 5.2.8.1)
      activejob (= 5.2.8.1)
      mail (~> 2.5, >= 2.5.4)
      rails-dom-testing (~> 2.0)
    actionpack (5.2.8.1)
      actionview (= 5.2.8.1)
      activesupport (= 5.2.8.1)
      rack (~> 2.0, >= 2.0.8)
      rack-test (>= 0.6.3)
      rails-dom-testing (~> 2.0)
      rails-html-sanitizer (~> 1.0, >= 1.0.2)
    actionview (5.2.8.1)
      activesupport (= 5.2.8.1)
      builder (~> 3.1)
      erubi (~> 1.4)
      rails-dom-testing (~> 2.0)
      rails-html-sanitizer (~> 1.0, >= 1.0.3)
    activejob (5.2.8.1)
      activesupport (= 5.2.8.1)
      globalid (>= 0.3.6)
    activemodel (5.2.8.1)
      activesupport (= 5.2.8.1)
    activemodel-serializers-xml (1.0.2)
      activemodel (> 5.x)
      activesupport (> 5.x)
      builder (~> 3.1)
    activerecord (5.2.8.1)
      activemodel (= 5.2.8.1)
      activesupport (= 5.2.8.1)
      arel (>= 9.0)
    activerecord-reset-pk-sequence (0.2.1)
    activestorage (5.2.8.1)
      actionpack (= 5.2.8.1)
      activerecord (= 5.2.8.1)
      marcel (~> 1.0.0)
    activesupport (5.2.8.1)
      concurrent-ruby (~> 1.0, >= 1.0.2)
      i18n (>= 0.7, < 2)
      minitest (~> 5.1)
      tzinfo (~> 1.1)
    addressable (2.8.5)
      public_suffix (>= 2.0.2, < 6.0)
    angular-leaflet-rails (0.1.0.6)
      angularjs-rails
      leaflet-rails
    angular-rails-templates (1.2.0)
      railties (>= 5.0, < 7.1)
      sprockets (>= 3.0, < 5)
      sprockets-rails
      tilt
    angular-ui-bootstrap-rails (1.3.2)
    angular_rails_csrf (5.0.0)
      railties (>= 3, < 8)
    angularjs-rails (1.8.0)
    angularjs-rails-resource (2.3.1)
    arel (9.0.0)
    autoprefixer-rails (10.4.13.0)
      execjs (~> 2)
    bcrypt (3.1.19)
    better_errors (2.10.1)
      erubi (>= 1.0.0)
      rack (>= 0.9.0)
      rouge (>= 1.0.0)
    bindex (0.8.1)
    bootsnap (1.16.0)
      msgpack (~> 1.2)
    bootstrap-sass (3.4.1)
      autoprefixer-rails (>= 5.2.1)
      sassc (>= 2.0.0)
    bower-rails (0.12.0)
    builder (3.2.4)
    byebug (11.1.3)
    cancancan (2.3.0)
    capybara (3.39.2)
      addressable
      matrix
      mini_mime (>= 0.1.3)
      nokogiri (~> 1.8)
      rack (>= 1.6.0)
      rack-test (>= 0.6.3)
      regexp_parser (>= 1.5, < 3.0)
      xpath (~> 3.2)
    coffee-rails (4.2.2)
      coffee-script (>= 2.2.0)
      railties (>= 4.0.0)
    coffee-script (2.4.1)
      coffee-script-source
      execjs
    coffee-script-source (1.12.2)
    concurrent-ruby (1.2.2)
    countries (2.1.4)
      i18n_data (~> 0.8.0)
      money (~> 6.9)
      sixarm_ruby_unaccent (~> 1.1)
      unicode_utils (~> 1.4)
    country_select (3.1.1)
      countries (~> 2.0)
      sort_alphabetical (~> 1.0)
    crass (1.0.6)
    database_cleaner (1.4.1)
    date (3.3.3)
    devise (4.9.2)
      bcrypt (~> 3.0)
      orm_adapter (~> 0.1)
      railties (>= 4.1.0)
      responders
      warden (~> 1.2.3)
    erubi (1.12.0)
    execjs (2.8.1)
    faker (3.2.1)
      i18n (>= 1.8.11, < 2)
    faraday (2.7.10)
      faraday-net_http (>= 2.0, < 3.1)
      ruby2_keywords (>= 0.0.4)
    faraday-net_http (3.0.2)
    ffi (1.15.5)
    figaro (1.2.0)
      thor (>= 0.14.0, < 2)
    font-awesome-rails (4.7.0.8)
      railties (>= 3.2, < 8.0)
    geocoder (1.8.2)
    gibbon (3.5.0)
      faraday (>= 1.0)
      multi_json (>= 1.11.0)
    globalid (1.1.0)
      activesupport (>= 5.0)
    haml (5.2.2)
      temple (>= 0.8.0)
      tilt
    high_voltage (3.1.2)
    i18n (1.14.1)
      concurrent-ruby (~> 1.0)
    i18n_data (0.8.0)
    jbuilder (2.11.5)
      actionview (>= 5.0.0)
      activesupport (>= 5.0.0)
    jquery-rails (4.6.0)
      rails-dom-testing (>= 1, < 3)
      railties (>= 4.2.0)
      thor (>= 0.14, < 2.0)
    jquery-ui-rails (6.0.1)
      railties (>= 3.2.16)
    js-routes (2.2.7)
      railties (>= 4)
    json (2.6.3)
    kaminari (1.2.2)
      activesupport (>= 4.1.0)
      kaminari-actionview (= 1.2.2)
      kaminari-activerecord (= 1.2.2)
      kaminari-core (= 1.2.2)
    kaminari-actionview (1.2.2)
      actionview
      kaminari-core (= 1.2.2)
    kaminari-activerecord (1.2.2)
      activerecord
      kaminari-core (= 1.2.2)
    kaminari-core (1.2.2)
    launchy (2.5.2)
      addressable (~> 2.8)
    leaflet-awesome-markers-rails (2.0.2)
      rails (>= 4.0.1)
    leaflet-rails (1.9.3)
      rails (>= 4.2.0)
    letter_opener (1.8.1)
      launchy (>= 2.2, < 3)
    letter_opener_web (2.0.0)
      actionmailer (>= 5.2)
      letter_opener (~> 1.7)
      railties (>= 5.2)
      rexml
    listen (3.0.8)
      rb-fsevent (~> 0.9, >= 0.9.4)
      rb-inotify (~> 0.9, >= 0.9.7)
    loofah (2.21.3)
      crass (~> 1.0.2)
      nokogiri (>= 1.12.0)
    mail (2.8.1)
      mini_mime (>= 0.1.1)
      net-imap
      net-pop
      net-smtp
    marcel (1.0.2)
    matrix (0.4.2)
    method_source (1.0.0)
    mini_mime (1.1.5)
    minitest (5.19.0)
    minitest-capybara (0.9.0)
      capybara
      minitest (~> 5.0)
      rake
    minitest-metadata (0.6.0)
      minitest (>= 4.7, < 6.0)
    minitest-rails (3.0.0)
      minitest (~> 5.8)
      railties (~> 5.0)
    minitest-rails-capybara (3.0.2)
      capybara (>= 2.7, <= 4)
      minitest-capybara (~> 0.8)
      minitest-metadata (~> 0.6)
      minitest-rails (~> 3.0)
    minitest-spec-rails (7.2.0)
      minitest (>= 5.0)
      railties (>= 4.1)
    money (6.16.0)
      i18n (>= 0.6.4, <= 2)
    msgpack (1.7.2)
    multi_json (1.15.0)
    nested_form (0.3.2)
    net-imap (0.3.7)
      date
      net-protocol
    net-pop (0.1.2)
      net-protocol
    net-protocol (0.2.1)
      timeout
    net-smtp (0.3.3)
      net-protocol
    nio4r (2.5.9)
    nokogiri (1.15.4-x86_64-linux)
      racc (~> 1.4)
    orm_adapter (0.5.0)
    pg (0.21.0)
    public_suffix (5.0.3)
    racc (1.7.1)
    rack (2.2.8)
    rack-cors (2.0.1)
      rack (>= 2.0.0)
    rack-pjax (1.1.0)
      nokogiri (~> 1.5)
      rack (>= 1.1)
    rack-test (2.1.0)
      rack (>= 1.3)
    rails (5.2.8.1)
      actioncable (= 5.2.8.1)
      actionmailer (= 5.2.8.1)
      actionpack (= 5.2.8.1)
      actionview (= 5.2.8.1)
      activejob (= 5.2.8.1)
      activemodel (= 5.2.8.1)
      activerecord (= 5.2.8.1)
      activestorage (= 5.2.8.1)
      activesupport (= 5.2.8.1)
      bundler (>= 1.3.0)
      railties (= 5.2.8.1)
      sprockets-rails (>= 2.0.0)
    rails-dom-testing (2.2.0)
      activesupport (>= 5.0.0)
      minitest
      nokogiri (>= 1.6)
    rails-html-sanitizer (1.6.0)
      loofah (~> 2.21)
      nokogiri (~> 1.14)
    rails_admin (2.2.1)
      activemodel-serializers-xml (>= 1.0)
      builder (~> 3.1)
      haml (>= 4.0, < 6)
      jquery-rails (>= 3.0, < 5)
      jquery-ui-rails (>= 5.0, < 7)
      kaminari (>= 0.14, < 2.0)
      nested_form (~> 0.3)
      rack-pjax (>= 0.7)
      rails (>= 5.0, < 7)
      remotipart (~> 1.3)
      sassc-rails (>= 1.3, < 3)
    rails_layout (1.0.42)
    railties (5.2.8.1)
      actionpack (= 5.2.8.1)
      activesupport (= 5.2.8.1)
      method_source
      rake (>= 0.8.7)
      thor (>= 0.19.0, < 2.0)
    rake (13.0.6)
    rb-fsevent (0.11.2)
    rb-inotify (0.10.1)
      ffi (~> 1.0)
    regexp_parser (2.8.1)
    remotipart (1.4.4)
    responders (3.1.0)
      actionpack (>= 5.2)
      railties (>= 5.2)
    rexml (3.2.6)
    rouge (4.1.3)
    ruby2_keywords (0.0.5)
    ruby_http_client (3.5.5)
    sass (3.7.4)
      sass-listen (~> 4.0.0)
    sass-listen (4.0.0)
      rb-fsevent (~> 0.9, >= 0.9.4)
      rb-inotify (~> 0.9, >= 0.9.7)
    sass-rails (5.1.0)
      railties (>= 5.2.0)
      sass (~> 3.1)
      sprockets (>= 2.8, < 4.0)
      sprockets-rails (>= 2.0, < 4.0)
      tilt (>= 1.1, < 3)
    sassc (2.4.0)
      ffi (~> 1.9)
    sassc-rails (2.1.2)
      railties (>= 4.0.0)
      sassc (>= 2.0)
      sprockets (> 3.0)
      sprockets-rails
      tilt
    sendgrid (1.2.4)
      json
    sendgrid-ruby (6.6.2)
      ruby_http_client (~> 3.4)
    simple_form (5.2.0)
      actionpack (>= 5.2)
      activemodel (>= 5.2)
    sixarm_ruby_unaccent (1.2.2)
    sort_alphabetical (1.1.0)
      unicode_utils (>= 1.2.2)
    spring (2.1.1)
    spring-watcher-listen (2.0.1)
      listen (>= 2.7, < 4.0)
      spring (>= 1.2, < 3.0)
    sprockets (3.7.2)
      concurrent-ruby (~> 1.0)
      rack (> 1, < 3)
    sprockets-rails (3.4.2)
      actionpack (>= 5.2)
      activesupport (>= 5.2)
      sprockets (>= 3.0.0)
    temple (0.10.2)
    thor (1.2.2)
    thread_safe (0.3.6)
    tilt (2.2.0)
    timeout (0.4.0)
    turbolinks (5.2.1)
      turbolinks-source (~> 5.2)
    turbolinks-source (5.2.0)
    tzinfo (1.2.11)
      thread_safe (~> 0.1)
    uglifier (4.2.0)
      execjs (>= 0.3.0, < 3)
    unicode_utils (1.4.0)
    warden (1.2.9)
      rack (>= 2.0.9)
    web-console (3.7.0)
      actionview (>= 5.0)
      activemodel (>= 5.0)
      bindex (>= 0.4.0)
      railties (>= 5.0)
    websocket-driver (0.7.6)
      websocket-extensions (>= 0.1.0)
    websocket-extensions (0.1.5)
    xpath (3.2.0)
      nokogiri (~> 1.8)

PLATFORMS
  x86_64-linux

DEPENDENCIES
  activerecord-reset-pk-sequence
  angular-leaflet-rails (~> 0.1.0.6)
  angular-rails-templates
  angular-ui-bootstrap-rails (~> 1.3, >= 1.3.2)
  angular_rails_csrf
  angularjs-rails (~> 1.6, >= 1.6.1)
  angularjs-rails-resource (~> 2.2, >= 2.2.2)
  better_errors
  bootsnap
  bootstrap-sass
  bower-rails
  byebug
  cancancan (~> 2.0)
  coffee-rails (~> 4.2)
  country_select (~> 3.0)
  database_cleaner (~> 1.4.0)
  devise
  faker
  figaro
  font-awesome-rails
  geocoder (~> 1.4, >= 1.4.1)
  gibbon
  high_voltage
  jbuilder (~> 2.5)
  jquery-rails
  js-routes
  leaflet-awesome-markers-rails (~> 2.0, >= 2.0.2)
  leaflet-rails (~> 1.0, >= 1.0.2)
  letter_opener
  letter_opener_web
  listen (~> 3.0.5)
  minitest-rails-capybara
  minitest-spec-rails
  pg (~> 0.18)
  rack
  rack-cors
  rails (~> 5.0, >= 5.0.1)
  rails-assets-angular-devise!
  rails-assets-moment!
  rails-assets-ng-cart!
  rails-assets-ngGeolocation!
  rails_admin
  rails_layout
  responders
  sass-rails (~> 5.0)
  sendgrid
  sendgrid-ruby
  simple_form
  spring
  spring-watcher-listen (~> 2.0.0)
  sprockets
  turbolinks (~> 5)
  uglifier (>= 1.3.0)
  web-console

BUNDLED WITH
   2.4.19
